PATH
  remote: .
  specs:
    kriterion (0.0.1)
      cri (~> 2.10)
      httparty (~> 0.16)
      mongo (~> 2.5)
      sinatra (~> 2.0)

GEM
  remote: https://rubygems.org/
  specs:
    bson (4.3.0)
    byebug (10.0.2)
    coderay (1.1.2)
    colored (1.2)
    cri (2.10.1)
      colored (~> 1.2)
    diff-lcs (1.3)
    httparty (0.16.2)
      multi_xml (>= 0.5.2)
    method_source (0.9.0)
    mini_portile2 (2.3.0)
    mongo (2.6.1)
      bson (>= 4.3.0, < 5.0.0)
    multi_xml (0.6.0)
    mustermann (1.0.2)
    nokogiri (1.8.4)
      mini_portile2 (~> 2.3.0)
    pry (0.11.3)
      coderay (~> 1.1.0)
      method_source (~> 0.9.0)
    pry-byebug (3.6.0)
      byebug (~> 10.0)
      pry (~> 0.10)
    rack (2.0.5)
    rack-protection (2.0.3)
      rack
    rake (10.5.0)
    rspec (3.7.0)
      rspec-core (~> 3.7.0)
      rspec-expectations (~> 3.7.0)
      rspec-mocks (~> 3.7.0)
    rspec-core (3.7.1)
      rspec-support (~> 3.7.0)
    rspec-expectations (3.7.0)
      diff-lcs (>= 1.2.0, < 2.0)
      rspec-support (~> 3.7.0)
    rspec-mocks (3.7.0)
      diff-lcs (>= 1.2.0, < 2.0)
      rspec-support (~> 3.7.0)
    rspec-support (3.7.1)
    sinatra (2.0.3)
      mustermann (~> 1.0)
      rack (~> 2.0)
      rack-protection (= 2.0.3)
      tilt (~> 2.0)
    tilt (2.0.8)

PLATFORMS
  ruby

DEPENDENCIES
  bundler (~> 1.16)
  kriterion!
  nokogiri
  pry
  pry-byebug
  rake (~> 10.0)
  rspec (~> 3.0)

BUNDLED WITH
   1.16.3
